GEM
  remote: http://rubygems.org/
  specs:
    diff-lcs (1.1.2)
    git (1.2.5)
    hike (1.2.1)
    jeweler (1.6.2)
      bundler (~> 1.0)
      git (>= 1.2.5)
      rake
    notifiers (1.1.0)
    rake (0.8.7)
    rr (1.0.4)
    rspec (2.6.0)
      rspec-core (~> 2.6.0)
      rspec-expectations (~> 2.6.0)
      rspec-mocks (~> 2.6.0)
    rspec-core (2.6.3)
    rspec-expectations (2.6.0)
      diff-lcs (~> 1.1.2)
    rspec-mocks (2.6.0)
    watchr (0.7)

PLATFORMS
  ruby

DEPENDENCIES
  hike
  jeweler (= 1.6.2)
  notifiers
  rake (= 0.8.7)
  rr (= 1.0.4)
  rspec (>= 2.6.0)
  watchr
